GEM
  remote: http://rubygems.org/
  specs:
    activesupport (3.0.6)
    dbf (1.5.2)
      activesupport (~> 3.0.0)
      fastercsv (= 1.5.3)
      i18n (~> 0.4.2)
    diff-lcs (1.1.2)
    fastercsv (1.5.3)
    git (1.2.5)
    i18n (0.4.2)
    jeweler (1.5.2)
      bundler (~> 1.0.0)
      git (>= 1.2.5)
      rake
    rake (0.8.7)
    rcov (0.9.9-java)
    rspec (2.5.0)
      rspec-core (~> 2.5.0)
      rspec-expectations (~> 2.5.0)
      rspec-mocks (~> 2.5.0)
    rspec-core (2.5.1)
    rspec-expectations (2.5.0)
      diff-lcs (~> 1.1.2)
    rspec-mocks (2.5.0)

PLATFORMS
  java

DEPENDENCIES
  bundler (~> 1.0.0)
  dbf (>= 1.5.0)
  jeweler (~> 1.5.2)
  rcov
  rspec (~> 2.5.0)
